PATH
  remote: .
  specs:
    js_dependency (0.2.0)
      pathname
      thor
      yaml

GEM
  remote: https://rubygems.org/
  specs:
    ast (2.4.2)
    binding_ninja (0.2.3)
    codecov (0.6.0)
      simplecov (>= 0.15, < 0.22)
    coderay (1.1.3)
    diff-lcs (1.5.0)
    docile (1.4.0)
    json (2.6.2)
    parallel (1.22.1)
    parser (3.1.2.0)
      ast (~> 2.4.1)
    parslet (2.0.0)
    pathname (0.2.0)
    proc_to_ast (0.1.0)
      coderay
      parser
      unparser
    rack (2.2.4)
    rainbow (3.1.1)
    rake (13.0.6)
    regexp_parser (2.5.0)
    rexml (3.2.5)
    rspec (3.11.0)
      rspec-core (~> 3.11.0)
      rspec-expectations (~> 3.11.0)
      rspec-mocks (~> 3.11.0)
    rspec-core (3.11.0)
      rspec-support (~> 3.11.0)
    rspec-expectations (3.11.0)
      diff-lcs (>= 1.2.0, < 2.0)
      rspec-support (~> 3.11.0)
    rspec-mocks (3.11.1)
      diff-lcs (>= 1.2.0, < 2.0)
      rspec-support (~> 3.11.0)
    rspec-parameterized (0.5.2)
      binding_ninja (>= 0.2.3)
      parser
      proc_to_ast
      rspec (>= 2.13, < 4)
      unparser
    rspec-support (3.11.0)
    rubocop (1.31.2)
      json (~> 2.3)
      parallel (~> 1.10)
      parser (>= 3.1.0.0)
      rainbow (>= 2.2.2, < 4.0)
      regexp_parser (>= 1.8, < 3.0)
      rexml (>= 3.2.5, < 4.0)
      rubocop-ast (>= 1.18.0, < 2.0)
      ruby-progressbar (~> 1.7)
      unicode-display_width (>= 1.4.0, < 3.0)
    rubocop-ast (1.19.1)
      parser (>= 3.1.1.0)
    rubocop-performance (1.14.3)
      rubocop (>= 1.7.0, < 2.0)
      rubocop-ast (>= 0.4.0)
    rubocop-rake (0.6.0)
      rubocop (~> 1.0)
    rubocop-rspec (2.12.1)
      rubocop (~> 1.31)
    ruby-progressbar (1.11.0)
    simplecov (0.21.2)
      docile (~> 1.1)
      simplecov-html (~> 0.11)
      simplecov_json_formatter (~> 0.1)
    simplecov-html (0.12.3)
    simplecov_json_formatter (0.1.4)
    thor (1.2.1)
    trollop (2.9.10)
    unicode-display_width (2.2.0)
    unparser (0.6.5)
      diff-lcs (~> 1.3)
      parser (>= 3.1.0)
    yaml (0.2.0)
    yarn (0.1.1)
      parslet (>= 1.2)
      rack (>= 1.3)
      trollop (>= 1.16)

PLATFORMS
  arm64-darwin-21
  x86_64-linux

DEPENDENCIES
  codecov
  js_dependency!
  rake (~> 13.0)
  rspec (~> 3.0)
  rspec-parameterized
  rubocop (~> 1.21)
  rubocop-performance
  rubocop-rake
  rubocop-rspec
  simplecov
  yarn

BUNDLED WITH
   2.3.16
